GEM
  remote: https://rubygems.org/
  specs:
    RedCloth (4.2.9)
    activesupport (4.1.4)
      i18n (~> 0.6, >= 0.6.9)
      json (~> 1.7, >= 1.7.7)
      minitest (~> 5.1)
      thread_safe (~> 0.1)
      tzinfo (~> 1.1)
    docile (1.1.5)
    gemoji (1.5.0)
    gli (2.12.0)
    google-search (1.0.3)
      json
    haml (4.0.5)
      tilt
    highline (1.6.21)
    html-pipeline (1.9.0)
      activesupport (>= 2)
      nokogiri (~> 1.4)
    i18n (0.6.11)
    json (1.8.1)
    mini_portile (0.6.0)
    minitest (5.4.0)
    nokogiri (1.6.3.1)
      mini_portile (= 0.6.0)
    rake (10.3.2)
    redcarpet (2.3.0)
    reveal-ck (0.4.1)
      RedCloth (~> 4.2)
      docile (~> 1.1)
      gemoji (~> 1.5)
      gli (~> 2.7)
      haml (~> 4.0)
      html-pipeline (~> 1.9)
      rake (~> 10.1)
      redcarpet (~> 2.3)
      rinku (~> 1.7)
      slim (~> 2.0)
      tilt (~> 2.0)
    rinku (1.7.3)
    slim (2.0.3)
      temple (~> 0.6.6)
      tilt (>= 1.3.3, < 2.1)
    temple (0.6.8)
    thread_safe (0.3.4)
    tilt (2.0.1)
    tzinfo (1.2.1)
      thread_safe (~> 0.1)

PLATFORMS
  ruby

DEPENDENCIES
  google-search
  highline
  reveal-ck
